GEM
  remote: https://rubygems.org/
  specs:
    capp (1.0)
    diff-lcs (1.2.3)
    drbdump (1.0)
      capp (~> 1.0)
      marshal-structure (~> 2.0)
    marshal-structure (2.0)
    rspec (2.13.0)
      rspec-core (~> 2.13.0)
      rspec-expectations (~> 2.13.0)
      rspec-mocks (~> 2.13.0)
    rspec-core (2.13.1)
    rspec-expectations (2.13.0)
      diff-lcs (>= 1.1.3, < 2.0)
    rspec-mocks (2.13.1)

PLATFORMS
  ruby

DEPENDENCIES
  drbdump
  rspec
